GEM
  remote: https://rubygems.org/
  specs:

PLATFORMS
  ruby
  x64-mingw32
  x86_64-linux

BUNDLED WITH
   2.1.4
